GEM
  remote: http://rubygems.org/
  specs:
    addressable (2.2.6)
    dm-core (1.1.0)
      addressable (~> 2.2.4)
    haml (3.1.2)
    json (1.5.3-java)
    rack (1.3.0)
    sinatra (1.2.6)
      rack (~> 1.1)
      tilt (>= 1.2.2, < 2.0)
    tilt (1.3.2)
    torquebox-core (2.x.incremental.236-java)
    torquebox-infinispan (2.x.incremental.236-java)
      torquebox-core (= 2.x.incremental.236)

PLATFORMS
  java

DEPENDENCIES
  dm-core
  haml
  json
  sinatra
  torquebox-infinispan
